PATH
  remote: .
  specs:
    logstash-input-google_cloud_storage (0.0.7)
      google-api-client (~> 0.8.7)
      logstash-codec-plain
      logstash-core-plugin-api (>= 1.60, <= 2.99)
      mime-types (~> 2)
      stud

GEM
  remote: https://rubygems.org/
  specs:
    activesupport (4.1.16)
      i18n (~> 0.6, >= 0.6.9)
      json (~> 1.7, >= 1.7.7)
      minitest (~> 5.1)
      thread_safe (~> 0.1)
      tzinfo (~> 1.1)
    addressable (2.5.1)
      public_suffix (~> 2.0, >= 2.0.2)
    autoparse (0.3.3)
      addressable (>= 2.3.1)
      extlib (>= 0.9.15)
      multi_json (>= 1.0.0)
    chronic_duration (0.10.6)
      numerizer (~> 0.1.1)
    clamp (0.6.5)
    coderay (1.1.1)
    concurrent-ruby (1.0.0-java)
    diff-lcs (1.3)
    extlib (0.9.16)
    faraday (0.12.1)
      multipart-post (>= 1.2, < 3)
    ffi (1.9.18-java)
    filesize (0.0.4)
    fivemat (1.3.5)
    gem_publisher (1.5.0)
    gems (0.8.3)
    google-api-client (0.8.7)
      activesupport (>= 3.2, < 5.0)
      addressable (~> 2.3)
      autoparse (~> 0.3)
      extlib (~> 0.9)
      faraday (~> 0.9)
      googleauth (~> 0.3)
      launchy (~> 2.4)
      multi_json (~> 1.10)
      retriable (~> 1.4)
      signet (~> 0.6)
    googleauth (0.5.1)
      faraday (~> 0.9)
      jwt (~> 1.4)
      logging (~> 2.0)
      memoist (~> 0.12)
      multi_json (~> 1.11)
      os (~> 0.9)
      signet (~> 0.7)
    i18n (0.6.9)
    insist (1.0.0)
    jar-dependencies (0.3.11)
    jrjackson (0.4.2-java)
    jrmonitor (0.4.2)
    jruby-openssl (0.9.16-java)
    json (1.8.6-java)
    jwt (1.5.6)
    kramdown (1.13.2)
    launchy (2.4.3-java)
      addressable (~> 2.3)
      spoon (~> 0.0.1)
    little-plugger (1.1.4)
    logging (2.2.2)
      little-plugger (~> 1.1)
      multi_json (~> 1.10)
    logstash-codec-plain (3.0.2)
      logstash-core-plugin-api (>= 1.60, <= 2.99)
    logstash-core (5.4.0-java)
      chronic_duration (= 0.10.6)
      clamp (~> 0.6.5)
      concurrent-ruby (= 1.0.0)
      filesize (= 0.0.4)
      gems (~> 0.8.3)
      i18n (= 0.6.9)
      jar-dependencies
      jrjackson (~> 0.4.0)
      jrmonitor (~> 0.4.2)
      jruby-openssl (= 0.9.16)
      minitar (~> 0.5.4)
      pry (~> 0.10.1)
      puma (~> 2.16)
      ruby-maven (~> 3.3.9)
      rubyzip (~> 1.1.7)
      sinatra (~> 1.4, >= 1.4.6)
      stud (~> 0.0.19)
      thread_safe (~> 0.3.5)
      treetop (< 1.5.0)
    logstash-core-plugin-api (2.1.24-java)
      logstash-core (= 5.4.0)
    logstash-devutils (1.3.3-java)
      fivemat
      gem_publisher
      insist (= 1.0.0)
      kramdown
      logstash-core-plugin-api (>= 2.0, <= 2.99)
      minitar
      rake
      rspec (~> 3.0)
      rspec-wait
      stud (>= 0.0.20)
    memoist (0.15.0)
    method_source (0.8.2)
    mime-types (2.99.3)
    minitar (0.5.4)
    minitest (5.10.2)
    multi_json (1.12.1)
    multipart-post (2.0.0)
    numerizer (0.1.1)
    os (0.9.6)
    polyglot (0.3.5)
    pry (0.10.4-java)
      coderay (~> 1.1.0)
      method_source (~> 0.8.1)
      slop (~> 3.4)
      spoon (~> 0.0)
    public_suffix (2.0.5)
    puma (2.16.0-java)
    rack (1.6.8)
    rack-protection (1.5.3)
      rack
    rake (12.0.0)
    retriable (1.4.1)
    rspec (3.6.0)
      rspec-core (~> 3.6.0)
      rspec-expectations (~> 3.6.0)
      rspec-mocks (~> 3.6.0)
    rspec-core (3.6.0)
      rspec-support (~> 3.6.0)
    rspec-expectations (3.6.0)
      diff-lcs (>= 1.2.0, < 2.0)
      rspec-support (~> 3.6.0)
    rspec-mocks (3.6.0)
      diff-lcs (>= 1.2.0, < 2.0)
      rspec-support (~> 3.6.0)
    rspec-support (3.6.0)
    rspec-wait (0.0.9)
      rspec (>= 3, < 4)
    ruby-maven (3.3.12)
      ruby-maven-libs (~> 3.3.9)
    ruby-maven-libs (3.3.9)
    rubyzip (1.1.7)
    signet (0.7.3)
      addressable (~> 2.3)
      faraday (~> 0.9)
      jwt (~> 1.5)
      multi_json (~> 1.10)
    sinatra (1.4.8)
      rack (~> 1.5)
      rack-protection (~> 1.4)
      tilt (>= 1.3, < 3)
    slop (3.6.0)
    spoon (0.0.6)
      ffi
    stud (0.0.22)
    thread_safe (0.3.6-java)
    tilt (2.0.7)
    treetop (1.4.15)
      polyglot
      polyglot (>= 0.3.1)
    tzinfo (1.2.3)
      thread_safe (~> 0.1)

PLATFORMS
  java

DEPENDENCIES
  logstash-devutils
  logstash-input-google_cloud_storage!

BUNDLED WITH
   1.15.1
